GEM
  remote: https://rubygems.org/
  specs:
    date (3.4.1)
    discordrb (3.5.0)
      discordrb-webhooks (~> 3.5.0)
      ffi (>= 1.9.24)
      opus-ruby
      rest-client (>= 2.0.0)
      websocket-client-simple (>= 0.3.0)
    discordrb-webhooks (3.5.0)
      rest-client (>= 2.0.0)
    domain_name (0.6.20240107)
    event_emitter (0.2.6)
    ffi (1.17.0-x86_64-linux-gnu)
    http-accept (1.7.0)
    http-cookie (1.0.8)
      domain_name (~> 0.5)
    logger (1.6.4)
    mime-types (3.6.0)
      logger
      mime-types-data (~> 3.2015)
    mime-types-data (3.2024.1203)
    netrc (0.11.0)
    nokogiri (1.17.2-x86_64-linux)
      racc (~> 1.4)
    open-uri (0.5.0)
      stringio
      time
      uri
    opus-ruby (1.0.1)
      ffi
    racc (1.8.1)
    rest-client (2.1.0)
      http-accept (>= 1.7.0, < 2.0)
      http-cookie (>= 1.0.2, < 2.0)
      mime-types (>= 1.16, < 4.0)
      netrc (~> 0.8)
    stringio (3.1.2)
    time (0.4.1)
      date
    uri (1.0.2)
    websocket (1.2.11)
    websocket-client-simple (0.8.0)
      event_emitter
      websocket

PLATFORMS
  x86_64-linux

DEPENDENCIES
  discordrb
  nokogiri
  open-uri

BUNDLED WITH
   2.4.10
